GEM
  remote: https://rubygems.org/
  specs:
    activesupport (5.2.8.1)
      concurrent-ruby (~> 1.0, >= 1.0.2)
      i18n (>= 0.7, < 2)
      minitest (~> 5.1)
      tzinfo (~> 1.1)
    concurrent-ruby (1.2.2)
    date (3.3.3)
    diff-lcs (1.5.0)
    httparty (0.21.0)
      mini_mime (>= 1.0.0)
      multi_xml (>= 0.5.2)
    httpparty (0.2.0)
      httparty (> 0)
    i18n (1.13.0)
      concurrent-ruby (~> 1.0)
    mini_mime (1.1.2)
    minitest (5.18.0)
    multi_xml (0.6.0)
    mustermann (3.0.0)
      ruby2_keywords (~> 0.0.1)
    rack (2.2.7)
    rack-protection (3.0.6)
      rack
    rspec (3.12.0)
      rspec-core (~> 3.12.0)
      rspec-expectations (~> 3.12.0)
      rspec-mocks (~> 3.12.0)
    rspec-core (3.12.2)
      rspec-support (~> 3.12.0)
    rspec-expectations (3.12.3)
      diff-lcs (>= 1.2.0, < 2.0)
      rspec-support (~> 3.12.0)
    rspec-mocks (3.12.5)
      diff-lcs (>= 1.2.0, < 2.0)
      rspec-support (~> 3.12.0)
    rspec-support (3.12.0)
    ruby2_keywords (0.0.5)
    sequel (5.68.0)
    sequel_enum (0.2.0)
      sequel
    sinatra (3.0.6)
      mustermann (~> 3.0)
      rack (~> 2.2, >= 2.2.4)
      rack-protection (= 3.0.6)
      tilt (~> 2.0)
    thread_safe (0.3.6)
    tilt (2.1.0)
    time (0.2.2)
      date
    time_difference (0.7.0)
      activesupport (~> 5.1)
    tzinfo (1.2.11)
      thread_safe (~> 0.1)

PLATFORMS
  x86_64-darwin-22

DEPENDENCIES
  httpparty
  rspec
  sequel
  sequel_enum
  sinatra
  time
  time_difference

RUBY VERSION
   ruby 3.0.4p208

BUNDLED WITH
   2.2.33
